GEM
  remote: https://rubygems.org/
  specs:
    artifactory (2.8.2)
    ast (2.3.0)
    backports (3.8.0)
    cucumber-core (2.0.0)
      backports (~> 3.6)
      gherkin (~> 4.0)
    erubis (2.7.0)
    ffi-yajl (2.3.1)
      libyajl2 (~> 1.2)
    foodcritic (11.3.1)
      cucumber-core (>= 1.3)
      erubis
      ffi-yajl (~> 2.0)
      nokogiri (>= 1.5, < 2.0)
      rake
      rufus-lru (~> 1.0)
      treetop (~> 1.4)
    gherkin (4.1.3)
    kitchen-docker (2.6.0)
      test-kitchen (>= 1.0.0)
    libyajl2 (1.2.0)
    mini_portile2 (2.2.0)
    mixlib-install (2.1.12)
      artifactory
      mixlib-shellout
      mixlib-versioning
      thor
    mixlib-shellout (2.3.2)
    mixlib-versioning (1.2.2)
    net-scp (1.2.1)
      net-ssh (>= 2.6.5)
    net-ssh (4.2.0)
    net-ssh-gateway (1.3.0)
      net-ssh (>= 2.6.5)
    nokogiri (1.8.0)
      mini_portile2 (~> 2.2.0)
    parallel (1.12.0)
    parser (2.4.0.0)
      ast (~> 2.2)
    polyglot (0.3.5)
    powerpack (0.1.1)
    rainbow (2.2.2)
      rake
    rake (12.0.0)
    rubocop (0.49.1)
      parallel (~> 1.10)
      parser (>= 2.3.3.1, < 3.0)
      powerpack (~> 0.1)
      rainbow (>= 1.99.1, < 3.0)
      ruby-progressbar (~> 1.7)
      unicode-display_width (~> 1.0, >= 1.0.1)
    ruby-progressbar (1.8.1)
    rufus-lru (1.1.0)
    safe_yaml (1.0.4)
    test-kitchen (1.17.0)
      mixlib-install (>= 1.2, < 3.0)
      mixlib-shellout (>= 1.2, < 3.0)
      net-scp (~> 1.1)
      net-ssh (>= 2.9, < 5.0)
      net-ssh-gateway (~> 1.2)
      safe_yaml (~> 1.0)
      thor (~> 0.19, < 0.19.2)
    thor (0.19.1)
    treetop (1.6.8)
      polyglot (~> 0.3)
    unicode-display_width (1.3.0)

PLATFORMS
  ruby

DEPENDENCIES
  foodcritic
  kitchen-docker
  rake
  rubocop
  test-kitchen

BUNDLED WITH
   1.13.7
